PATH
  remote: .
  specs:
    openapi3_validator (0.0.0.pre.dev2)
      json-schema
      openapi3_parser (~> 0.3.0)

GEM
  remote: https://rubygems.org/
  specs:
    addressable (2.5.2)
      public_suffix (>= 2.0.2, < 4.0)
    diff-lcs (1.3)
    json-schema (2.8.0)
      addressable (>= 2.4)
    openapi3_parser (0.3.0)
    public_suffix (3.0.2)
    rspec (3.8.0)
      rspec-core (~> 3.8.0)
      rspec-expectations (~> 3.8.0)
      rspec-mocks (~> 3.8.0)
    rspec-core (3.8.0)
      rspec-support (~> 3.8.0)
    rspec-expectations (3.8.1)
      diff-lcs (>= 1.2.0, < 2.0)
      rspec-support (~> 3.8.0)
    rspec-mocks (3.8.0)
      diff-lcs (>= 1.2.0, < 2.0)
      rspec-support (~> 3.8.0)
    rspec-support (3.8.0)

PLATFORMS
  ruby

DEPENDENCIES
  openapi3_validator!
  rspec

BUNDLED WITH
   1.15.4
